PATH
  remote: .
  specs:
    sw-logger (0.1.1)

GEM
  remote: https://rubygems.org/
  specs:
    minitest (5.14.0)
    rake (12.3.3)

PLATFORMS
  ruby

DEPENDENCIES
  minitest (~> 5.0)
  rake (~> 12.0)
  sw-logger!

BUNDLED WITH
   2.1.4
